GEM
  remote: https://rubygems.org/
  specs:
    couchdb (0.2.2)
      transport (>= 1.0.1)
    faker (1.4.3)
      i18n (~> 0.5)
    i18n (0.6.11)
    json (1.8.1)
    rack (1.5.2)
    rack-protection (1.5.3)
      rack
    sinatra (1.4.5)
      rack (~> 1.4)
      rack-protection (~> 1.4)
      tilt (~> 1.3, >= 1.3.4)
    tilt (1.4.1)
    transport (1.0.6)

PLATFORMS
  ruby

DEPENDENCIES
  couchdb (~> 0.2.2)
  faker (~> 1.4.3)
  json (~> 1.8.1)
  sinatra (~> 1.4.5)
